GEM
  remote: https://rubygems.org/
  specs:
    csv (3.2.3)
    yajl-ruby (1.4.3)

PLATFORMS
  ruby

DEPENDENCIES
  csv
  yajl-ruby

RUBY VERSION
   ruby 2.7.2p137

BUNDLED WITH
   2.1.4
